GEM
  remote: http://rubygems.org/
  specs:
    cucumber-sinatra (0.3.0)
      templater (>= 1.0.0)
    diff-lcs (1.1.2)
    extlib (0.9.15)
    highline (1.6.1)
    rack (1.2.2)
    sass (3.1.0.alpha.252)
    sinatra (1.2.1)
      rack (~> 1.1)
      tilt (< 2.0, >= 1.2.2)
    templater (1.0.0)
      diff-lcs (>= 1.1.2)
      extlib (>= 0.9.5)
      highline (>= 1.4.0)
    tilt (1.2.2)

PLATFORMS
  ruby

DEPENDENCIES
  cucumber-sinatra
  sass
  sinatra
