GEM
  remote: http://rubygems.org/
  specs:
    compass (0.10.6)
      haml (>= 3.0.4)
    cucumber-sinatra (0.3.0)
      templater (>= 1.0.0)
    diff-lcs (1.1.2)
    extlib (0.9.15)
    haml (3.0.25)
    highline (1.6.1)
    mustermann (2.0.2)
      ruby2_keywords (~> 0.0.1)
    rack (2.2.4)
    rack-protection (2.2.3)
      rack
    ruby2_keywords (0.0.5)
    sass (3.1.0.alpha.252)
    sinatra (2.2.3)
      mustermann (~> 2.0)
      rack (~> 2.2)
      rack-protection (= 2.2.3)
      tilt (~> 2.0)
    templater (1.0.0)
      diff-lcs (>= 1.1.2)
      extlib (>= 0.9.5)
      highline (>= 1.4.0)
    tilt (2.0.11)

PLATFORMS
  ruby

DEPENDENCIES
  compass
  cucumber-sinatra
  sass
  sinatra
